GEM
  remote: https://rubygems.org/
  specs:
    archive-zip (0.6.0)
      io-like (>= 0.3.0)
    ffi (1.9.0)
    io-like (0.3.0)
    magic_reveal (2.4.0.4)
      archive-zip (~> 0.6)
      nokogiri (~> 1.5)
      redcarpet (~> 3.0)
      sinatra (~> 1.4)
      sys-admin (~> 1.6)
    mini_portile (0.5.1)
    nokogiri (1.6.0)
      mini_portile (~> 0.5.0)
    rack (1.5.2)
    rack-protection (1.5.0)
      rack
    redcarpet (3.0.0)
    sinatra (1.4.3)
      rack (~> 1.4)
      rack-protection (~> 1.4)
      tilt (~> 1.3, >= 1.3.4)
    sys-admin (1.6.0)
      ffi (>= 1.1.0)
    tilt (1.4.1)

PLATFORMS
  ruby

DEPENDENCIES
  magic_reveal (~> 2.4.0.4)
